GIT
  remote: https://github.com/Energy-Sparks/statsample
  revision: 1d9a79c75ada9f76b01bd8efe82bc9ec333b6207
  branch: update-gems-and-awesome-print
  tag: 2.1.1-energy-sparks
  specs:
    statsample (2.1.0)
      amazing_print (~> 1.2.1)
      daru (~> 0.1.6)
      dirty-memoize (~> 0.0.4)
      distribution (~> 0.7)
      extendmatrix (~> 0.4)
      minimization (~> 0.2)
      reportbuilder (~> 1.4)
      rserve-client (~> 0.3)
      rubyvis (~> 0.6.1)
      spreadsheet (~> 1.1)

GEM
  remote: https://rubygems.org/
  specs:
    activesupport (6.0.3.2)
      concurrent-ruby (~> 1.0, >= 1.0.2)
      i18n (>= 0.7, < 2)
      minitest (~> 5.1)
      tzinfo (~> 1.1)
      zeitwerk (~> 2.2, >= 2.2.2)
    amazing_print (1.2.1)
    backports (3.18.2)
    benchmark-memory (0.1.2)
      memory_profiler (~> 0.9)
    bundler-audit (0.7.0.1)
      bundler (>= 1.2.0, < 3)
      thor (>= 0.18, < 2)
    byebug (11.1.3)
    chroma (0.2.0)
    clbustos-rtf (0.4.2)
    coderay (1.1.3)
    concurrent-ruby (1.1.7)
    connection_pool (2.2.3)
    daru (0.1.6)
      backports
    diff-lcs (1.4.4)
    dirty-memoize (0.0.4)
    distribution (0.8.0)
    docile (1.4.0)
    domain_name (0.5.20190701)
      unf (>= 0.0.5, < 1.0.0)
    extendmatrix (0.4)
    factory_bot (6.1.0)
      activesupport (>= 5.0.0)
    faraday (1.3.0)
      faraday-net_http (~> 1.0)
      multipart-post (>= 1.2, < 3)
      ruby2_keywords
    faraday-net_http (1.0.1)
    faraday_middleware (1.0.0)
      faraday (~> 1.0)
    ffi (1.13.1)
    ffi (1.13.1-x64-mingw32)
    hashdiff (1.0.1)
    hashie (3.6.0)
    html-table (1.6.3)
      structured_warnings (~> 0.3.0)
    http-cookie (1.0.3)
      domain_name (~> 0.5)
    i18n (1.8.5)
      concurrent-ruby (~> 1.0)
    interpolate (0.3.0)
    mechanize (2.7.7)
      domain_name (~> 0.5, >= 0.5.1)
      http-cookie (~> 1.0)
      mime-types (>= 1.17.2)
      net-http-digest_auth (~> 1.1, >= 1.1.1)
      net-http-persistent (>= 2.5.2)
      nokogiri (~> 1.6)
      ntlm-http (~> 0.1, >= 0.1.1)
      webrick (~> 1.7)
      webrobots (>= 0.0.9, < 0.2)
    memory_profiler (0.9.14)
    method_source (1.0.0)
    mime-types (3.3.1)
      mime-types-data (~> 3.2015)
    mime-types-data (3.2020.1104)
    mini_portile2 (2.5.1)
    minimization (0.2.5)
      text-table (~> 1.2)
    minitest (5.14.2)
    multipart-post (2.0.0)
    net-http-digest_auth (1.4.1)
    net-http-persistent (4.0.1)
      connection_pool (~> 2.2)
    nokogiri (1.11.4)
      mini_portile2 (~> 2.5.0)
      racc (~> 1.4)
    nokogiri (1.11.4-x64-mingw32)
      racc (~> 1.4)
    ntlm-http (0.1.1)
    prawn (0.8.4)
      prawn-core (>= 0.8.4, < 0.9)
      prawn-layout (>= 0.8.4, < 0.9)
      prawn-security (>= 0.8.4, < 0.9)
    prawn-core (0.8.4)
    prawn-layout (0.8.4)
    prawn-security (0.8.4)
    prawn-svg (0.9.1.11)
      prawn (>= 0.8.4)
    pry (0.13.1)
      coderay (~> 1.1)
      method_source (~> 1.0)
    pry-byebug (3.9.0)
      byebug (~> 11.0)
      pry (~> 0.13.0)
    racc (1.5.2)
    reportbuilder (1.4.2)
      clbustos-rtf (~> 0.4.0)
      prawn (~> 0.8.4)
      prawn-svg (~> 0.9.1)
      text-table (~> 1.2)
    require_all (3.0.0)
    roo (2.8.3)
      nokogiri (~> 1)
      rubyzip (>= 1.3.0, < 3.0.0)
    roo-xls (1.2.0)
      nokogiri
      roo (>= 2.0.0, < 3)
      spreadsheet (> 0.9.0)
    rserve-client (0.3.5)
    rspec (3.8.0)
      rspec-core (~> 3.8.0)
      rspec-expectations (~> 3.8.0)
      rspec-mocks (~> 3.8.0)
    rspec-core (3.8.2)
      rspec-support (~> 3.8.0)
    rspec-expectations (3.8.6)
      diff-lcs (>= 1.2.0, < 2.0)
      rspec-support (~> 3.8.0)
    rspec-mocks (3.8.2)
      diff-lcs (>= 1.2.0, < 2.0)
      rspec-support (~> 3.8.0)
    rspec-support (3.8.3)
    ruby-limiter (1.1.0)
    ruby-ole (1.2.12.2)
    ruby-prof (1.4.1)
    ruby-prof (1.4.1-x64-mingw32)
    ruby-sun-times (0.1.5)
    ruby2_keywords (0.0.4)
    rubyvis (0.6.1)
    rubyzip (2.3.0)
    simplecov (0.21.2)
      docile (~> 1.1)
      simplecov-html (~> 0.11)
      simplecov_json_formatter (~> 0.1)
    simplecov-html (0.12.3)
    simplecov_json_formatter (0.1.3)
    soda-ruby (1.0.1)
      hashie (~> 3.5)
      multipart-post (~> 2.0.0)
      sys-uname (~> 1.0.2)
    spreadsheet (1.2.6)
      ruby-ole (>= 1.0)
    structured_warnings (0.3.0)
    sys-uname (1.0.4)
      ffi (>= 1.0.0)
    text-table (1.2.4)
    thor (1.1.0)
    thread_safe (0.3.6)
    tzinfo (1.2.7)
      thread_safe (~> 0.1)
    tzinfo-data (1.2019.3)
      tzinfo (>= 1.0.0)
    unf (0.1.4)
      unf_ext
    unf_ext (0.0.7.7)
    unf_ext (0.0.7.7-x64-mingw32)
    webrick (1.7.0)
    webrobots (0.1.2)
    write_xlsx (0.85.7)
      rubyzip (>= 1.0.0)
      zip-zip
    zeitwerk (2.4.0)
    zip-zip (0.3)
      rubyzip (>= 1.0.0)

PLATFORMS
  ruby
  x64-mingw32

DEPENDENCIES
  activesupport (~> 6.0.0)
  benchmark-memory
  bundler-audit
  chroma
  factory_bot
  faraday
  faraday_middleware
  hashdiff (~> 1.0.0)
  html-table
  interpolate
  mechanize
  pry-byebug
  require_all
  roo
  roo-xls
  rspec (~> 3.8.0)
  ruby-limiter (~> 1.1.0)
  ruby-prof
  ruby-sun-times
  simplecov
  soda-ruby
  statsample!
  structured_warnings
  tzinfo-data
  write_xlsx

RUBY VERSION
   ruby 2.5.1p57

BUNDLED WITH
   2.1.4
