GIT
  remote: https://github.com/Energy-Sparks/statsample
  revision: e3de8a332546ca0506938f49f8a9f92762aee737
  branch: update-gems-and-awesome-print
  tag: 2.1.1-energy-sparks
  specs:
    statsample (2.1.0)
      amazing_print (~> 1.2.1)
      daru (~> 0.2.2)
      dirty-memoize (~> 0.0.4)
      distribution (~> 0.7)
      extendmatrix (~> 0.4)
      minimization (~> 0.2)
      reportbuilder (~> 1.4)
      rserve-client (~> 0.3)
      rubyvis (~> 0.6.1)
      spreadsheet (~> 1.1)

GEM
  remote: https://rubygems.org/
  specs:
    activesupport (6.0.4.4)
      concurrent-ruby (~> 1.0, >= 1.0.2)
      i18n (>= 0.7, < 2)
      minitest (~> 5.1)
      tzinfo (~> 1.1)
      zeitwerk (~> 2.2, >= 2.2.2)
    addressable (2.8.0)
      public_suffix (>= 2.0.2, < 5.0)
    amazing_print (1.2.2)
    backports (3.23.0)
    benchmark-memory (0.2.0)
      memory_profiler (~> 1)
    byebug (11.1.3)
    chroma (0.2.0)
    clbustos-rtf (0.4.2)
    coderay (1.1.3)
    concurrent-ruby (1.1.9)
    connection_pool (2.2.5)
    daru (0.2.2)
      backports
      packable (~> 1.3.9)
    diff-lcs (1.5.0)
    dirty-memoize (0.0.4)
    distribution (0.8.0)
    docile (1.4.0)
    domain_name (0.5.20190701)
      unf (>= 0.0.5, < 1.0.0)
    extendmatrix (0.4)
    factory_bot (6.2.0)
      activesupport (>= 5.0.0)
    faraday (1.9.0)
      faraday-em_http (~> 1.0)
      faraday-em_synchrony (~> 1.0)
      faraday-excon (~> 1.1)
      faraday-httpclient (< 3)
      faraday-multipart (~> 1.0)
      faraday-net_http (< 3)
      faraday-net_http_persistent (< 3)
      faraday-patron (< 3)
      faraday-rack (~> 1.0)
      faraday-retry (~> 1.0)
      ruby2_keywords (>= 0.0.4)
    faraday-em_http (1.0.0)
    faraday-em_synchrony (1.0.0)
    faraday-excon (1.1.0)
    faraday-httpclient (2.0.1)
      httpclient (>= 2.2)
    faraday-multipart (1.0.1)
      multipart-post (>= 1.2, < 3)
    faraday-net_http (2.0.1)
    faraday-net_http_persistent (1.2.0)
    faraday-patron (1.0.0)
    faraday-rack (1.0.0)
    faraday-retry (1.0.2)
    faraday_middleware (1.2.0)
      faraday (~> 1.0)
    ffi (1.15.4)
    ffi (1.15.4-x64-mingw32)
    hashdiff (1.0.1)
    hashie (3.6.0)
    html-table (1.7.0)
      structured_warnings (~> 0.4.0)
    http-cookie (1.0.4)
      domain_name (~> 0.5)
    httpclient (2.8.3)
    i18n (1.8.11)
      concurrent-ruby (~> 1.0)
    interpolate (0.3.0)
    mechanize (2.8.3)
      addressable (~> 2.8)
      domain_name (~> 0.5, >= 0.5.20190701)
      http-cookie (~> 1.0, >= 1.0.3)
      mime-types (~> 3.0)
      net-http-digest_auth (~> 1.4, >= 1.4.1)
      net-http-persistent (>= 2.5.2, < 5.0.dev)
      nokogiri (~> 1.11, >= 1.11.2)
      rubyntlm (~> 0.6, >= 0.6.3)
      webrick (~> 1.7)
      webrobots (~> 0.1.2)
    memory_profiler (1.0.0)
    method_source (1.0.0)
    mime-types (3.4.1)
      mime-types-data (~> 3.2015)
    mime-types-data (3.2022.0105)
    mini_portile2 (2.6.1)
    minimization (0.2.5)
      text-table (~> 1.2)
    minitest (5.15.0)
    multipart-post (2.0.0)
    net-http-digest_auth (1.4.1)
    net-http-persistent (4.0.1)
      connection_pool (~> 2.2)
    nokogiri (1.12.5)
      mini_portile2 (~> 2.6.1)
      racc (~> 1.4)
    nokogiri (1.12.5-x64-mingw32)
      racc (~> 1.4)
    packable (1.3.15)
      backports
    prawn (0.8.4)
      prawn-core (>= 0.8.4, < 0.9)
      prawn-layout (>= 0.8.4, < 0.9)
      prawn-security (>= 0.8.4, < 0.9)
    prawn-core (0.8.4)
    prawn-layout (0.8.4)
    prawn-security (0.8.4)
    prawn-svg (0.9.1.11)
      prawn (>= 0.8.4)
    pry (0.13.1)
      coderay (~> 1.1)
      method_source (~> 1.0)
    pry-byebug (3.9.0)
      byebug (~> 11.0)
      pry (~> 0.13.0)
    public_suffix (4.0.6)
    racc (1.6.0)
    reportbuilder (1.4.2)
      clbustos-rtf (~> 0.4.0)
      prawn (~> 0.8.4)
      prawn-svg (~> 0.9.1)
      text-table (~> 1.2)
    require_all (3.0.0)
    roo (2.8.3)
      nokogiri (~> 1)
      rubyzip (>= 1.3.0, < 3.0.0)
    roo-xls (1.2.0)
      nokogiri
      roo (>= 2.0.0, < 3)
      spreadsheet (> 0.9.0)
    rserve-client (0.3.5)
    rspec (3.8.0)
      rspec-core (~> 3.8.0)
      rspec-expectations (~> 3.8.0)
      rspec-mocks (~> 3.8.0)
    rspec-core (3.8.2)
      rspec-support (~> 3.8.0)
    rspec-expectations (3.8.6)
      diff-lcs (>= 1.2.0, < 2.0)
      rspec-support (~> 3.8.0)
    rspec-mocks (3.8.2)
      diff-lcs (>= 1.2.0, < 2.0)
      rspec-support (~> 3.8.0)
    rspec-support (3.8.3)
    ruby-limiter (1.1.0)
    ruby-ole (1.2.12.2)
    ruby-prof (1.4.3)
    ruby-prof (1.4.3-x64-mingw32)
    ruby-sun-times (0.1.5)
    ruby2_keywords (0.0.5)
    rubyntlm (0.6.3)
    rubyvis (0.6.1)
    rubyzip (2.3.2)
    simplecov (0.21.2)
      docile (~> 1.1)
      simplecov-html (~> 0.11)
      simplecov_json_formatter (~> 0.1)
    simplecov-html (0.12.3)
    simplecov_json_formatter (0.1.3)
    soda-ruby (1.0.1)
      hashie (~> 3.5)
      multipart-post (~> 2.0.0)
      sys-uname (~> 1.0.2)
    spreadsheet (1.3.0)
      ruby-ole
    structured_warnings (0.4.0)
    sys-uname (1.0.4)
      ffi (>= 1.0.0)
    text-table (1.2.4)
    thread_safe (0.3.6)
    tzinfo (1.2.9)
      thread_safe (~> 0.1)
    tzinfo-data (1.2021.5)
      tzinfo (>= 1.0.0)
    unf (0.1.4)
      unf_ext
    unf_ext (0.0.8)
    unf_ext (0.0.8-x64-mingw32)
    webrick (1.7.0)
    webrobots (0.1.2)
    write_xlsx (1.09.1)
      rubyzip (>= 1.0.0)
      zip-zip
    zeitwerk (2.5.3)
    zip-zip (0.3)
      rubyzip (>= 1.0.0)

PLATFORMS
  ruby
  x64-mingw32

DEPENDENCIES
  activesupport (~> 6.0.0)
  benchmark-memory
  chroma
  factory_bot
  faraday
  faraday_middleware
  hashdiff (~> 1.0.0)
  html-table
  interpolate
  mechanize
  pry-byebug
  require_all
  roo
  roo-xls
  rspec (~> 3.8.0)
  ruby-limiter (~> 1.1.0)
  ruby-prof
  ruby-sun-times
  simplecov
  soda-ruby
  statsample!
  structured_warnings
  tzinfo-data
  write_xlsx

RUBY VERSION
   ruby 2.7.4p191

BUNDLED WITH
   2.2.32
